GEM
  remote: https://rubygems.org/
  specs:
    json (2.3.0)
    rack (1.6.13)
    rack-protection (1.5.5)
      rack
    sinatra (1.4.5)
      rack (~> 1.4)
      rack-protection (~> 1.4)
      tilt (~> 1.3, >= 1.3.4)
    tilt (1.4.1)

PLATFORMS
  ruby

DEPENDENCIES
  json
  sinatra

RUBY VERSION
   ruby 3.1.4p223

BUNDLED WITH
   1.17.2
