GEM
  remote: https://rubygems.org/
  specs:
    json (2.3.0)
    openssl (3.1.0)
    rack (1.6.13)
    rack-protection (1.5.5)
      rack
    sinatra (1.4.5)
      rack (~> 1.4)
      rack-protection (~> 1.4)
      tilt (~> 1.3, >= 1.3.4)
    tilt (1.4.1)
    webrick (1.8.1)

PLATFORMS
  ruby

DEPENDENCIES
  json
  openssl (~> 3.1)
  sinatra
  webrick

RUBY VERSION
   ruby 3.3.6p108

BUNDLED WITH
   2.5.23
