GEM
  remote: https://rubygems.org/
  specs:
    json (2.3.0)
    le (2.6.2)
    rack (1.6.13)
    rack-protection (1.5.5)
      rack
    sinatra (1.4.5)
      rack (~> 1.4)
      rack-protection (~> 1.4)
      tilt (~> 1.3, >= 1.3.4)
    sinatra-logentries (0.0.2)
      le (>= 2.1.6)
    tilt (1.4.1)

PLATFORMS
  ruby

DEPENDENCIES
  json
  sinatra
  sinatra-logentries

RUBY VERSION
   ruby 2.6.3p62

BUNDLED WITH
   1.17.2
