GEM
  remote: https://rubygems.org/
  specs:
    json (2.3.0)
    nio4r (2.7.4)
    openssl (3.1.0)
    puma (6.4.3)
      nio4r (~> 2.0)
    webrick (1.8.1)

PLATFORMS
  ruby

DEPENDENCIES
  json
  openssl (~> 3.1)
  puma
  webrick

RUBY VERSION
   ruby 3.3.6p108

BUNDLED WITH
   2.5.23
